GEM
  remote: http://rubygems.org/
  specs:
    wavefile (1.1.0)

PLATFORMS
  ruby

DEPENDENCIES
  wavefile (~> 1)

BUNDLED WITH
   2.0.2
