GEM
  remote: https://rubygems.org/
  specs:
    assert_value (1.5.6)
    bigdecimal (3.3.1)
    diff-lcs (1.6.2)
    docile (1.4.1)
    mize (0.6.1)
    ostruct (0.6.3)
    rake (13.3.1)
    rspec (3.13.2)
      rspec-core (~> 3.13.0)
      rspec-expectations (~> 3.13.0)
      rspec-mocks (~> 3.13.0)
    rspec-core (3.13.6)
      rspec-support (~> 3.13.0)
    rspec-expectations (3.13.5)
      diff-lcs (>= 1.2.0, < 2.0)
      rspec-support (~> 3.13.0)
    rspec-mocks (3.13.6)
      diff-lcs (>= 1.2.0, < 2.0)
      rspec-support (~> 3.13.0)
    rspec-support (3.13.6)
    rspec_junit_formatter (0.6.0)
      rspec-core (>= 2, < 4, != 2.12.0)
    simplecov (0.22.0)
      docile (~> 1.1)
      simplecov-html (~> 0.11)
      simplecov_json_formatter (~> 0.1)
    simplecov-html (0.13.2)
    simplecov_json_formatter (0.1.4)
    sync (0.5.0)
    term-ansicolor (1.11.3)
      tins (~> 1)
    tins (1.45.0)
      bigdecimal
      mize (~> 0.6)
      sync
    wavefile (1.1.2)

PLATFORMS
  ruby

DEPENDENCIES
  assert_value
  bundler
  ostruct
  rake
  rspec
  rspec_junit_formatter
  simplecov
  term-ansicolor
  wavefile (~> 1)

RUBY VERSION
   ruby 3.4.1p0

BUNDLED WITH
   2.4.21
