GEM
  remote: https://rubygems.org/
  specs:
    assert_value (1.5.6)
    diff-lcs (1.5.0)
    docile (1.4.0)
    rake (13.1.0)
    rspec (3.12.0)
      rspec-core (~> 3.12.0)
      rspec-expectations (~> 3.12.0)
      rspec-mocks (~> 3.12.0)
    rspec-core (3.12.2)
      rspec-support (~> 3.12.0)
    rspec-expectations (3.12.3)
      diff-lcs (>= 1.2.0, < 2.0)
      rspec-support (~> 3.12.0)
    rspec-mocks (3.12.6)
      diff-lcs (>= 1.2.0, < 2.0)
      rspec-support (~> 3.12.0)
    rspec-support (3.12.1)
    rspec_junit_formatter (0.6.0)
      rspec-core (>= 2, < 4, != 2.12.0)
    simplecov (0.22.0)
      docile (~> 1.1)
      simplecov-html (~> 0.11)
      simplecov_json_formatter (~> 0.1)
    simplecov-html (0.12.3)
    simplecov_json_formatter (0.1.4)
    sync (0.5.0)
    term-ansicolor (1.7.1)
      tins (~> 1.0)
    tins (1.32.1)
      sync
    wavefile (1.1.2)

PLATFORMS
  ruby

DEPENDENCIES
  assert_value
  bundler
  rake
  rspec
  rspec_junit_formatter
  simplecov
  term-ansicolor
  wavefile (~> 1)

RUBY VERSION
   ruby 3.1.4p223

BUNDLED WITH
   2.4.21
